GEM
  remote: https://rubygems.org/
  specs:
    cinch (2.1.0)
    json (1.8.1)
    mini_portile (0.6.0)
    net-ping (1.7.4)
    nokogiri (1.6.3.1)
      mini_portile (= 0.6.0)

PLATFORMS
  ruby

DEPENDENCIES
  cinch
  json
  net-ping
  nokogiri
